PATH
  remote: .
  specs:
    execjs-async (0.0.1)
      execjs (~> 1.1.0)

GEM
  remote: http://rubygems.org/
  specs:
    execjs (1.1.3)
      multi_json (~> 1.0)
    multi_json (1.0.3)

PLATFORMS
  ruby

DEPENDENCIES
  execjs-async!
