PATH
  remote: .
  specs:
    execjs-async (0.0.2)
      execjs (~> 2.0.0)

GEM
  remote: http://rubygems.org/
  specs:
    execjs (2.0.1)

PLATFORMS
  ruby

DEPENDENCIES
  execjs-async!
